GEM
  remote: https://rubygems.org/
  specs:
    actionmailer (4.2.10)
      actionpack (= 4.2.10)
      actionview (= 4.2.10)
      activejob (= 4.2.10)
      mail (~> 2.5, >= 2.5.4)
      rails-dom-testing (~> 1.0, >= 1.0.5)
    actionpack (4.2.10)
      actionview (= 4.2.10)
      activesupport (= 4.2.10)
      rack (~> 1.6)
      rack-test (~> 0.6.2)
      rails-dom-testing (~> 1.0, >= 1.0.5)
      rails-html-sanitizer (~> 1.0, >= 1.0.2)
    actionview (4.2.10)
      activesupport (= 4.2.10)
      builder (~> 3.1)
      erubis (~> 2.7.0)
      rails-dom-testing (~> 1.0, >= 1.0.5)
      rails-html-sanitizer (~> 1.0, >= 1.0.3)
    active_admin_import (5.0.0)
      activeadmin (>= 1.0.0)
      activerecord-import (>= 0.27)
      rchardet (>= 1.6)
      rubyzip (>= 1.2)
    activeadmin (1.0.0)
      arbre (>= 1.1.1)
      bourbon
      coffee-rails
      formtastic (~> 3.1)
      formtastic_i18n
      inherited_resources (~> 1.7)
      jquery-rails
      jquery-ui-rails
      kaminari (>= 0.15, < 2.0)
      railties (>= 4.2, < 5.2)
      ransack (~> 1.3)
      sass-rails
      sprockets (< 4.1)
    activejob (4.2.10)
      activesupport (= 4.2.10)
      globalid (>= 0.3.0)
    activemodel (4.2.10)
      activesupport (= 4.2.10)
      builder (~> 3.1)
    activerecord (4.2.10)
      activemodel (= 4.2.10)
      activesupport (= 4.2.10)
      arel (~> 6.0)
    activerecord-import (1.4.0)
      activerecord (>= 4.2)
    activesupport (4.2.10)
      i18n (~> 0.7)
      minitest (~> 5.1)
      thread_safe (~> 0.3, >= 0.3.4)
      tzinfo (~> 1.1)
    arbre (1.5.0)
      activesupport (>= 3.0.0, < 7.1)
      ruby2_keywords (>= 0.0.2, < 1.0)
    arel (6.0.4)
    ast (2.4.2)
    autoprefixer-rails (10.4.7.0)
      execjs (~> 2)
    aws-eventstream (1.2.0)
    aws-sdk (2.11.632)
      aws-sdk-resources (= 2.11.632)
    aws-sdk-core (2.11.632)
      aws-sigv4 (~> 1.0)
      jmespath (~> 1.0)
    aws-sdk-resources (2.11.632)
      aws-sdk-core (= 2.11.632)
    aws-sigv4 (1.5.0)
      aws-eventstream (~> 1, >= 1.0.2)
    bcrypt (3.1.17)
    better_errors (2.9.1)
      coderay (>= 1.0.0)
      erubi (>= 1.0.0)
      rack (>= 0.9.0)
    binding_of_caller (1.0.0)
      debug_inspector (>= 0.0.1)
    bootstrap-sass (3.4.1)
      autoprefixer-rails (>= 5.2.1)
      sassc (>= 2.0.0)
    bourbon (7.2.0)
      thor (~> 1.0)
    brakeman (5.2.3)
    builder (3.2.4)
    bullet (7.0.1)
      activesupport (>= 3.0.0)
      uniform_notifier (~> 1.11)
    byebug (11.1.3)
    climate_control (0.2.0)
    cocaine (0.5.8)
      climate_control (>= 0.0.3, < 1.0)
    codecov (0.6.0)
      simplecov (>= 0.15, < 0.22)
    coderay (1.1.3)
    coffee-rails (4.1.1)
      coffee-script (>= 2.2.0)
      railties (>= 4.0.0, < 5.1.x)
    coffee-script (2.4.1)
      coffee-script-source
      execjs
    coffee-script-source (1.12.2)
    concurrent-ruby (1.1.10)
    crass (1.0.6)
    debug_inspector (1.1.0)
    devise (4.8.1)
      bcrypt (~> 3.0)
      orm_adapter (~> 0.1)
      railties (>= 4.1.0)
      responders
      warden (~> 1.2.3)
    diff-lcs (1.5.0)
    docile (1.4.0)
    dotenv (2.7.6)
    dotenv-rails (2.7.6)
      dotenv (= 2.7.6)
      railties (>= 3.2)
    erubi (1.10.0)
    erubis (2.7.0)
    espinita (0.0.9)
      rails (>= 4.0)
      request_store
    execjs (2.8.1)
    factory_girl (4.9.0)
      activesupport (>= 3.0.0)
    factory_girl_rails (4.9.0)
      factory_girl (~> 4.9.0)
      railties (>= 3.0.0)
    faraday (2.2.0)
      faraday-net_http (~> 2.0)
      ruby2_keywords (>= 0.0.4)
    faraday-net_http (2.0.2)
    ffi (1.15.5)
    fittextjs_rails (1.2.0.1)
      railties (>= 3.1)
    font-awesome-rails (4.7.0.8)
      railties (>= 3.2, < 8.0)
    formtastic (3.1.5)
      actionpack (>= 3.2.13)
    formtastic_i18n (0.7.0)
    friendly_id (5.1.0)
      activerecord (>= 4.0.0)
    geocoder (1.7.5)
    globalid (0.4.2)
      activesupport (>= 4.2.0)
    has_scope (0.7.2)
      actionpack (>= 4.1)
      activesupport (>= 4.1)
    high_voltage (2.4.0)
    httparty (0.13.7)
      json (~> 1.8)
      multi_xml (>= 0.5.2)
    i18n (0.9.5)
      concurrent-ruby (~> 1.0)
    inherited_resources (1.9.0)
      actionpack (>= 4.2, < 5.3)
      has_scope (~> 0.6)
      railties (>= 4.2, < 5.3)
      responders
    jbuilder (2.9.1)
      activesupport (>= 4.2.0)
    jmespath (1.6.1)
    jquery-rails (4.4.0)
      rails-dom-testing (>= 1, < 3)
      railties (>= 4.2.0)
      thor (>= 0.14, < 2.0)
    jquery-ui-rails (6.0.1)
      railties (>= 3.2.16)
    json (1.8.6)
    kaminari (1.2.2)
      activesupport (>= 4.1.0)
      kaminari-actionview (= 1.2.2)
      kaminari-activerecord (= 1.2.2)
      kaminari-core (= 1.2.2)
    kaminari-actionview (1.2.2)
      actionview
      kaminari-core (= 1.2.2)
    kaminari-activerecord (1.2.2)
      activerecord
      kaminari-core (= 1.2.2)
    kaminari-core (1.2.2)
    le (2.7.6)
    loofah (2.17.0)
      crass (~> 1.0.2)
      nokogiri (>= 1.5.9)
    mail (2.7.1)
      mini_mime (>= 0.1.1)
    marginalia (1.10.1)
      actionpack (>= 2.3)
      activerecord (>= 2.3)
    mime-types (3.4.1)
      mime-types-data (~> 3.2015)
    mime-types-data (3.2022.0105)
    mimemagic (0.3.10)
      nokogiri (~> 1)
      rake
    mini_mime (1.1.2)
    mini_portile2 (2.8.0)
    minitest (5.15.0)
    multi_xml (0.6.0)
    mysql2 (0.4.10)
    newrelic_rpm (8.7.0)
    nilify_blanks (1.4.0)
      activerecord (>= 4.0.0)
      activesupport (>= 4.0.0)
    nio4r (2.5.8)
    nokogiri (1.13.5)
      mini_portile2 (~> 2.8.0)
      racc (~> 1.4)
    orm_adapter (0.5.0)
    paperclip (5.2.1)
      activemodel (>= 4.2.0)
      activesupport (>= 4.2.0)
      cocaine (~> 0.5.5)
      mime-types
      mimemagic (~> 0.3.0)
    parallel (1.22.1)
    parser (3.1.2.0)
      ast (~> 2.4.1)
    polyamorous (1.3.3)
      activerecord (>= 3.0)
    puma (5.6.4)
      nio4r (~> 2.0)
    racc (1.6.0)
    rack (1.6.13)
    rack-mini-profiler (3.0.0)
      rack (>= 1.2.0)
    rack-test (0.6.3)
      rack (>= 1.0)
    rails (4.2.10)
      actionmailer (= 4.2.10)
      actionpack (= 4.2.10)
      actionview (= 4.2.10)
      activejob (= 4.2.10)
      activemodel (= 4.2.10)
      activerecord (= 4.2.10)
      activesupport (= 4.2.10)
      bundler (>= 1.3.0, < 2.0)
      railties (= 4.2.10)
      sprockets-rails
    rails-deprecated_sanitizer (1.0.4)
      activesupport (>= 4.2.0.alpha)
    rails-dom-testing (1.0.9)
      activesupport (>= 4.2.0, < 5.0)
      nokogiri (~> 1.6)
      rails-deprecated_sanitizer (>= 1.0.1)
    rails-html-sanitizer (1.4.2)
      loofah (~> 2.3)
    rails_12factor (0.0.3)
      rails_serve_static_assets
      rails_stdout_logging
    rails_serve_static_assets (0.0.5)
    rails_stdout_logging (0.0.5)
    railties (4.2.10)
      actionpack (= 4.2.10)
      activesupport (= 4.2.10)
      rake (>= 0.8.7)
      thor (>= 0.18.1, < 2.0)
    rainbow (3.1.1)
    rake (13.0.6)
    ransack (1.8.2)
      actionpack (>= 3.0)
      activerecord (>= 3.0)
      activesupport (>= 3.0)
      i18n
      polyamorous (~> 1.3)
    rb-fsevent (0.11.1)
    rb-inotify (0.10.1)
      ffi (~> 1.0)
    rchardet (1.8.0)
    rdoc (4.3.0)
    regexp_parser (2.3.1)
    request_store (1.5.1)
      rack (>= 1.4)
    responders (2.4.1)
      actionpack (>= 4.2.0, < 6.0)
      railties (>= 4.2.0, < 6.0)
    rexml (3.2.5)
    rspec-core (3.9.3)
      rspec-support (~> 3.9.3)
    rspec-expectations (3.9.4)
      diff-lcs (>= 1.2.0, < 2.0)
      rspec-support (~> 3.9.0)
    rspec-mocks (3.9.1)
      diff-lcs (>= 1.2.0, < 2.0)
      rspec-support (~> 3.9.0)
    rspec-rails (3.9.1)
      actionpack (>= 3.0)
      activesupport (>= 3.0)
      railties (>= 3.0)
      rspec-core (~> 3.9.0)
      rspec-expectations (~> 3.9.0)
      rspec-mocks (~> 3.9.0)
      rspec-support (~> 3.9.0)
    rspec-support (3.9.4)
    rspec_junit_formatter (0.2.2)
      builder (< 4)
      rspec-core (>= 2, < 4, != 2.12.0)
    rubocop (1.28.2)
      parallel (~> 1.10)
      parser (>= 3.1.0.0)
      rainbow (>= 2.2.2, < 4.0)
      regexp_parser (>= 1.8, < 3.0)
      rexml
      rubocop-ast (>= 1.17.0, < 2.0)
      ruby-progressbar (~> 1.7)
      unicode-display_width (>= 1.4.0, < 3.0)
    rubocop-ast (1.17.0)
      parser (>= 3.1.1.0)
    ruby-progressbar (1.11.0)
    ruby2_keywords (0.0.5)
    rubyzip (2.3.2)
    sass (3.7.4)
      sass-listen (~> 4.0.0)
    sass-listen (4.0.0)
      rb-fsevent (~> 0.9, >= 0.9.4)
      rb-inotify (~> 0.9, >= 0.9.7)
    sass-rails (5.0.7)
      railties (>= 4.0.0, < 6)
      sass (~> 3.1)
      sprockets (>= 2.8, < 4.0)
      sprockets-rails (>= 2.0, < 4.0)
      tilt (>= 1.1, < 3)
    sassc (2.4.0)
      ffi (~> 1.9)
    sdoc (0.4.2)
      json (~> 1.7, >= 1.7.7)
      rdoc (~> 4.0)
    sentry-raven (3.1.2)
      faraday (>= 1.0)
    simplecov (0.21.2)
      docile (~> 1.1)
      simplecov-html (~> 0.11)
      simplecov_json_formatter (~> 0.1)
    simplecov-html (0.12.3)
    simplecov_json_formatter (0.1.4)
    sitemap_generator (6.2.1)
      builder (~> 3.0)
    spring (3.1.1)
    sprockets (3.7.2)
      concurrent-ruby (~> 1.0)
      rack (> 1, < 3)
    sprockets-rails (3.2.2)
      actionpack (>= 4.0)
      activesupport (>= 4.0)
      sprockets (>= 3.0.0)
    thor (1.2.1)
    thread_safe (0.3.6)
    tilt (2.0.10)
    tzinfo (1.2.9)
      thread_safe (~> 0.1)
    uglifier (4.2.0)
      execjs (>= 0.3.0, < 3)
    unicode-display_width (2.1.0)
    uniform_notifier (1.16.0)
    warden (1.2.7)
      rack (>= 1.0)
    web-console (2.3.0)
      activemodel (>= 4.0)
      binding_of_caller (>= 0.7.2)
      railties (>= 4.0)
      sprockets-rails (>= 2.0, < 4.0)
    will_paginate (3.0.12)
    will_paginate-bootstrap (1.0.2)
      will_paginate (>= 3.0.3)

PLATFORMS
  ruby

DEPENDENCIES
  active_admin_import
  activeadmin (~> 1.0.0.pre2)
  aws-sdk (< 3.0)
  better_errors
  binding_of_caller
  bootstrap-sass (~> 3.4.1)
  brakeman
  bullet
  byebug
  codecov
  coffee-rails (~> 4.1.0)
  devise
  dotenv-rails
  espinita
  factory_girl_rails
  fittextjs_rails
  font-awesome-rails
  friendly_id (~> 5.1.0)
  geocoder
  high_voltage (~> 2.4.0)
  httparty (~> 0.13.7)
  jbuilder (~> 2.0)
  jquery-rails
  json
  le
  marginalia
  mysql2 (~> 0.4.0)
  newrelic_rpm
  nilify_blanks
  paperclip (= 5.2.1)
  puma
  rack-mini-profiler
  rails (= 4.2.10)
  rails_12factor
  ransack (= 1.8.2)
  rspec-rails (~> 3.0)
  rspec_junit_formatter (= 0.2.2)
  rubocop
  sass-rails (~> 5.0)
  sdoc (~> 0.4.0)
  sentry-raven
  sitemap_generator
  spring
  uglifier (>= 1.3.0)
  web-console (~> 2.0)
  will_paginate (~> 3.0.6)
  will_paginate-bootstrap

RUBY VERSION
   ruby 2.6.8p205

BUNDLED WITH
   1.17.3
